GIT
  remote: git://github.com/clearsightstudio/ProMotion.git
  revision: c239679b5c95d0b0643a18d8631e0a67572412e2
  branch: version-1.0
  specs:
    ProMotion (1.0.0)

GEM
  remote: https://rubygems.org/
  specs:

PLATFORMS
  ruby

DEPENDENCIES
  ProMotion!
